GEM
  remote: https://rubygems.org/
  specs:
    nio4r (2.7.0)
    puma (6.4.2)
      nio4r (~> 2.0)
    vernier (0.3.1)

PLATFORMS
  arm64-darwin-22
  x86_64-linux

DEPENDENCIES
  puma
  vernier (>= 0.3.1)

RUBY VERSION
   ruby 3.2.2p53

BUNDLED WITH
   2.4.22
